GEM
  remote: https://rubygems.org/
  specs:
    CFPropertyList (2.3.6)
    actioncable (6.1.4.6)
      actionpack (= 6.1.4.6)
      activesupport (= 6.1.4.6)
      nio4r (~> 2.0)
      websocket-driver (>= 0.6.1)
    actionmailbox (6.1.4.6)
      actionpack (= 6.1.4.6)
      activejob (= 6.1.4.6)
      activerecord (= 6.1.4.6)
      activestorage (= 6.1.4.6)
      activesupport (= 6.1.4.6)
      mail (>= 2.7.1)
    actionmailer (6.1.4.6)
      actionpack (= 6.1.4.6)
      actionview (= 6.1.4.6)
      activejob (= 6.1.4.6)
      activesupport (= 6.1.4.6)
      mail (~> 2.5, >= 2.5.4)
      rails-dom-testing (~> 2.0)
    actionpack (6.1.4.6)
      actionview (= 6.1.4.6)
      activesupport (= 6.1.4.6)
      rack (~> 2.0, >= 2.0.9)
      rack-test (>= 0.6.3)
      rails-dom-testing (~> 2.0)
      rails-html-sanitizer (~> 1.0, >= 1.2.0)
    actiontext (6.1.4.6)
      actionpack (= 6.1.4.6)
      activerecord (= 6.1.4.6)
      activestorage (= 6.1.4.6)
      activesupport (= 6.1.4.6)
      nokogiri (>= 1.8.5)
    actionview (6.1.4.6)
      activesupport (= 6.1.4.6)
      builder (~> 3.1)
      erubi (~> 1.4)
      rails-dom-testing (~> 2.0)
      rails-html-sanitizer (~> 1.1, >= 1.2.0)
    activejob (6.1.4.6)
      activesupport (= 6.1.4.6)
      globalid (>= 0.3.6)
    activemodel (6.1.4.6)
      activesupport (= 6.1.4.6)
    activerecord (6.1.4.6)
      activemodel (= 6.1.4.6)
      activesupport (= 6.1.4.6)
    activerecord-session_store (2.0.0)
      actionpack (>= 5.2.4.1)
      activerecord (>= 5.2.4.1)
      multi_json (~> 1.11, >= 1.11.2)
      rack (>= 2.0.8, < 3)
      railties (>= 5.2.4.1)
    activestorage (6.1.4.6)
      actionpack (= 6.1.4.6)
      activejob (= 6.1.4.6)
      activerecord (= 6.1.4.6)
      activesupport (= 6.1.4.6)
      marcel (~> 1.0.0)
      mini_mime (>= 1.1.0)
    activesupport (6.1.4.6)
      concurrent-ruby (~> 1.0, >= 1.0.2)
      i18n (>= 1.6, < 2)
      minitest (>= 5.1)
      tzinfo (~> 2.0)
      zeitwerk (~> 2.3)
    addressable (2.8.0)
      public_suffix (>= 2.0.2, < 5.0)
    aliyun-sdk (0.8.0)
      nokogiri (~> 1.6)
      rest-client (~> 2.0)
    autoprefixer-rails (10.4.2.0)
      execjs (~> 2)
    aws-eventstream (1.2.0)
    aws-partitions (1.554.0)
    aws-sdk (3.1.0)
      aws-sdk-resources (~> 3)
    aws-sdk-accessanalyzer (1.28.0)
      aws-sdk-core (~> 3, >= 3.126.0)
      aws-sigv4 (~> 1.1)
    aws-sdk-account (1.5.0)
      aws-sdk-core (~> 3, >= 3.126.0)
      aws-sigv4 (~> 1.1)
    aws-sdk-acm (1.50.0)
      aws-sdk-core (~> 3, >= 3.126.0)
      aws-sigv4 (~> 1.1)
    aws-sdk-acmpca (1.45.0)
      aws-sdk-core (~> 3, >= 3.126.0)
      aws-sigv4 (~> 1.1)
    aws-sdk-alexaforbusiness (1.55.0)
      aws-sdk-core (~> 3, >= 3.126.0)
      aws-sigv4 (~> 1.1)
    aws-sdk-amplify (1.38.0)
      aws-sdk-core (~> 3, >= 3.126.0)
      aws-sigv4 (~> 1.1)
    aws-sdk-amplifybackend (1.15.0)
      aws-sdk-core (~> 3, >= 3.126.0)
      aws-sigv4 (~> 1.1)
    aws-sdk-amplifyuibuilder (1.2.0)
      aws-sdk-core (~> 3, >= 3.126.0)
      aws-sigv4 (~> 1.1)
    aws-sdk-apigateway (1.74.0)
      aws-sdk-core (~> 3, >= 3.126.0)
      aws-sigv4 (~> 1.1)
    aws-sdk-apigatewaymanagementapi (1.29.0)
      aws-sdk-core (~> 3, >= 3.126.0)
      aws-sigv4 (~> 1.1)
    aws-sdk-apigatewayv2 (1.41.0)
      aws-sdk-core (~> 3, >= 3.126.0)
      aws-sigv4 (~> 1.1)
    aws-sdk-appconfig (1.24.0)
      aws-sdk-core (~> 3, >= 3.126.0)
      aws-sigv4 (~> 1.1)
    aws-sdk-appconfigdata (1.4.0)
      aws-sdk-core (~> 3, >= 3.126.0)
      aws-sigv4 (~> 1.1)
    aws-sdk-appflow (1.22.0)
      aws-sdk-core (~> 3, >= 3.126.0)
      aws-sigv4 (~> 1.1)
    aws-sdk-appintegrationsservice (1.12.0)
      aws-sdk-core (~> 3, >= 3.126.0)
      aws-sigv4 (~> 1.1)
    aws-sdk-applicationautoscaling (1.61.0)
      aws-sdk-core (~> 3, >= 3.126.0)
      aws-sigv4 (~> 1.1)
    aws-sdk-applicationcostprofiler (1.8.0)
      aws-sdk-core (~> 3, >= 3.126.0)
      aws-sigv4 (~> 1.1)
    aws-sdk-applicationdiscoveryservice (1.43.0)
      aws-sdk-core (~> 3, >= 3.126.0)
      aws-sigv4 (~> 1.1)
    aws-sdk-applicationinsights (1.29.0)
      aws-sdk-core (~> 3, >= 3.126.0)
      aws-sigv4 (~> 1.1)
    aws-sdk-appmesh (1.44.0)
      aws-sdk-core (~> 3, >= 3.126.0)
      aws-sigv4 (~> 1.1)
    aws-sdk-appregistry (1.13.0)
      aws-sdk-core (~> 3, >= 3.126.0)
      aws-sigv4 (~> 1.1)
    aws-sdk-apprunner (1.10.0)
      aws-sdk-core (~> 3, >= 3.126.0)
      aws-sigv4 (~> 1.1)
    aws-sdk-appstream (1.63.0)
      aws-sdk-core (~> 3, >= 3.126.0)
      aws-sigv4 (~> 1.1)
    aws-sdk-appsync (1.51.0)
      aws-sdk-core (~> 3, >= 3.126.0)
      aws-sigv4 (~> 1.1)
    aws-sdk-athena (1.48.0)
      aws-sdk-core (~> 3, >= 3.126.0)
      aws-sigv4 (~> 1.1)
    aws-sdk-auditmanager (1.20.0)
      aws-sdk-core (~> 3, >= 3.126.0)
      aws-sigv4 (~> 1.1)
    aws-sdk-augmentedairuntime (1.21.0)
      aws-sdk-core (~> 3, >= 3.126.0)
      aws-sigv4 (~> 1.1)
    aws-sdk-autoscaling (1.77.0)
      aws-sdk-core (~> 3, >= 3.126.0)
      aws-sigv4 (~> 1.1)
    aws-sdk-autoscalingplans (1.39.0)
      aws-sdk-core (~> 3, >= 3.126.0)
      aws-sigv4 (~> 1.1)
    aws-sdk-backup (1.41.0)
      aws-sdk-core (~> 3, >= 3.126.0)
      aws-sigv4 (~> 1.1)
    aws-sdk-backupgateway (1.2.0)
      aws-sdk-core (~> 3, >= 3.126.0)
      aws-sigv4 (~> 1.1)
    aws-sdk-batch (1.58.0)
      aws-sdk-core (~> 3, >= 3.126.0)
      aws-sigv4 (~> 1.1)
    aws-sdk-braket (1.17.0)
      aws-sdk-core (~> 3, >= 3.126.0)
      aws-sigv4 (~> 1.1)
    aws-sdk-budgets (1.46.0)
      aws-sdk-core (~> 3, >= 3.126.0)
      aws-sigv4 (~> 1.1)
    aws-sdk-chime (1.65.0)
      aws-sdk-core (~> 3, >= 3.126.0)
      aws-sigv4 (~> 1.1)
    aws-sdk-chimesdkidentity (1.8.0)
      aws-sdk-core (~> 3, >= 3.126.0)
      aws-sigv4 (~> 1.1)
    aws-sdk-chimesdkmeetings (1.6.0)
      aws-sdk-core (~> 3, >= 3.126.0)
      aws-sigv4 (~> 1.1)
    aws-sdk-chimesdkmessaging (1.9.0)
      aws-sdk-core (~> 3, >= 3.126.0)
      aws-sigv4 (~> 1.1)
    aws-sdk-cloud9 (1.44.0)
      aws-sdk-core (~> 3, >= 3.126.0)
      aws-sigv4 (~> 1.1)
    aws-sdk-cloudcontrolapi (1.5.0)
      aws-sdk-core (~> 3, >= 3.126.0)
      aws-sigv4 (~> 1.1)
    aws-sdk-clouddirectory (1.40.0)
      aws-sdk-core (~> 3, >= 3.126.0)
      aws-sigv4 (~> 1.1)
    aws-sdk-cloudformation (1.67.0)
      aws-sdk-core (~> 3, >= 3.126.0)
      aws-sigv4 (~> 1.1)
    aws-sdk-cloudfront (1.62.0)
      aws-sdk-core (~> 3, >= 3.126.0)
      aws-sigv4 (~> 1.1)
    aws-sdk-cloudhsm (1.38.0)
      aws-sdk-core (~> 3, >= 3.126.0)
      aws-sigv4 (~> 1.1)
    aws-sdk-cloudhsmv2 (1.41.0)
      aws-sdk-core (~> 3, >= 3.126.0)
      aws-sigv4 (~> 1.1)
    aws-sdk-cloudsearch (1.39.0)
      aws-sdk-core (~> 3, >= 3.126.0)
      aws-sigv4 (~> 1.1)
    aws-sdk-cloudsearchdomain (1.32.0)
      aws-sdk-core (~> 3, >= 3.126.0)
      aws-sigv4 (~> 1.1)
    aws-sdk-cloudtrail (1.46.0)
      aws-sdk-core (~> 3, >= 3.126.0)
      aws-sigv4 (~> 1.1)
    aws-sdk-cloudwatch (1.61.0)
      aws-sdk-core (~> 3, >= 3.126.0)
      aws-sigv4 (~> 1.1)
    aws-sdk-cloudwatchevents (1.56.0)
      aws-sdk-core (~> 3, >= 3.126.0)
      aws-sigv4 (~> 1.1)
    aws-sdk-cloudwatchevidently (1.3.0)
      aws-sdk-core (~> 3, >= 3.126.0)
      aws-sigv4 (~> 1.1)
    aws-sdk-cloudwatchlogs (1.51.0)
      aws-sdk-core (~> 3, >= 3.126.0)
      aws-sigv4 (~> 1.1)
    aws-sdk-cloudwatchrum (1.3.0)
      aws-sdk-core (~> 3, >= 3.126.0)
      aws-sigv4 (~> 1.1)
    aws-sdk-codeartifact (1.18.0)
      aws-sdk-core (~> 3, >= 3.126.0)
      aws-sigv4 (~> 1.1)
    aws-sdk-codebuild (1.87.0)
      aws-sdk-core (~> 3, >= 3.126.0)
      aws-sigv4 (~> 1.1)
    aws-sdk-codecommit (1.50.0)
      aws-sdk-core (~> 3, >= 3.126.0)
      aws-sigv4 (~> 1.1)
    aws-sdk-codedeploy (1.48.0)
      aws-sdk-core (~> 3, >= 3.126.0)
      aws-sigv4 (~> 1.1)
    aws-sdk-codeguruprofiler (1.23.0)
      aws-sdk-core (~> 3, >= 3.126.0)
      aws-sigv4 (~> 1.1)
    aws-sdk-codegurureviewer (1.29.0)
      aws-sdk-core (~> 3, >= 3.126.0)
      aws-sigv4 (~> 1.1)
    aws-sdk-codepipeline (1.52.0)
      aws-sdk-core (~> 3, >= 3.126.0)
      aws-sigv4 (~> 1.1)
    aws-sdk-codestar (1.37.0)
      aws-sdk-core (~> 3, >= 3.126.0)
      aws-sigv4 (~> 1.1)
    aws-sdk-codestarconnections (1.23.0)
      aws-sdk-core (~> 3, >= 3.126.0)
      aws-sigv4 (~> 1.1)
    aws-sdk-codestarnotifications (1.18.0)
      aws-sdk-core (~> 3, >= 3.126.0)
      aws-sigv4 (~> 1.1)
    aws-sdk-cognitoidentity (1.39.0)
      aws-sdk-core (~> 3, >= 3.126.0)
      aws-sigv4 (~> 1.1)
    aws-sdk-cognitoidentityprovider (1.63.0)
      aws-sdk-core (~> 3, >= 3.126.0)
      aws-sigv4 (~> 1.1)
    aws-sdk-cognitosync (1.35.0)
      aws-sdk-core (~> 3, >= 3.126.0)
      aws-sigv4 (~> 1.1)
    aws-sdk-comprehend (1.58.0)
      aws-sdk-core (~> 3, >= 3.126.0)
      aws-sigv4 (~> 1.1)
    aws-sdk-comprehendmedical (1.35.0)
      aws-sdk-core (~> 3, >= 3.126.0)
      aws-sigv4 (~> 1.1)
    aws-sdk-computeoptimizer (1.31.0)
      aws-sdk-core (~> 3, >= 3.126.0)
      aws-sigv4 (~> 1.1)
    aws-sdk-configservice (1.73.0)
      aws-sdk-core (~> 3, >= 3.126.0)
      aws-sigv4 (~> 1.1)
    aws-sdk-connect (1.64.0)
      aws-sdk-core (~> 3, >= 3.126.0)
      aws-sigv4 (~> 1.1)
    aws-sdk-connectcontactlens (1.10.0)
      aws-sdk-core (~> 3, >= 3.126.0)
      aws-sigv4 (~> 1.1)
    aws-sdk-connectparticipant (1.21.0)
      aws-sdk-core (~> 3, >= 3.126.0)
      aws-sigv4 (~> 1.1)
    aws-sdk-connectwisdomservice (1.5.0)
      aws-sdk-core (~> 3, >= 3.126.0)
      aws-sigv4 (~> 1.1)
    aws-sdk-core (3.126.0)
      aws-eventstream (~> 1, >= 1.0.2)
      aws-partitions (~> 1, >= 1.525.0)
      aws-sigv4 (~> 1.1)
      jmespath (~> 1.0)
    aws-sdk-costandusagereportservice (1.39.0)
      aws-sdk-core (~> 3, >= 3.126.0)
      aws-sigv4 (~> 1.1)
    aws-sdk-costexplorer (1.73.0)
      aws-sdk-core (~> 3, >= 3.126.0)
      aws-sigv4 (~> 1.1)
    aws-sdk-customerprofiles (1.18.0)
      aws-sdk-core (~> 3, >= 3.126.0)
      aws-sigv4 (~> 1.1)
    aws-sdk-databasemigrationservice (1.66.0)
      aws-sdk-core (~> 3, >= 3.126.0)
      aws-sigv4 (~> 1.1)
    aws-sdk-dataexchange (1.24.0)
      aws-sdk-core (~> 3, >= 3.126.0)
      aws-sigv4 (~> 1.1)
    aws-sdk-datapipeline (1.35.0)
      aws-sdk-core (~> 3, >= 3.126.0)
      aws-sigv4 (~> 1.1)
    aws-sdk-datasync (1.43.0)
      aws-sdk-core (~> 3, >= 3.126.0)
      aws-sigv4 (~> 1.1)
    aws-sdk-dax (1.38.0)
      aws-sdk-core (~> 3, >= 3.126.0)
      aws-sigv4 (~> 1.1)
    aws-sdk-detective (1.27.0)
      aws-sdk-core (~> 3, >= 3.126.0)
      aws-sigv4 (~> 1.1)
    aws-sdk-devicefarm (1.50.0)
      aws-sdk-core (~> 3, >= 3.126.0)
      aws-sigv4 (~> 1.1)
    aws-sdk-devopsguru (1.20.0)
      aws-sdk-core (~> 3, >= 3.126.0)
      aws-sigv4 (~> 1.1)
    aws-sdk-directconnect (1.53.0)
      aws-sdk-core (~> 3, >= 3.126.0)
      aws-sigv4 (~> 1.1)
    aws-sdk-directoryservice (1.48.0)
      aws-sdk-core (~> 3, >= 3.126.0)
      aws-sigv4 (~> 1.1)
    aws-sdk-dlm (1.49.0)
      aws-sdk-core (~> 3, >= 3.126.0)
      aws-sigv4 (~> 1.1)
    aws-sdk-docdb (1.40.0)
      aws-sdk-core (~> 3, >= 3.126.0)
      aws-sigv4 (~> 1.1)
    aws-sdk-drs (1.3.0)
      aws-sdk-core (~> 3, >= 3.126.0)
      aws-sigv4 (~> 1.1)
    aws-sdk-dynamodb (1.72.0)
      aws-sdk-core (~> 3, >= 3.126.0)
      aws-sigv4 (~> 1.1)
    aws-sdk-dynamodbstreams (1.37.0)
      aws-sdk-core (~> 3, >= 3.126.0)
      aws-sigv4 (~> 1.1)
    aws-sdk-ebs (1.24.0)
      aws-sdk-core (~> 3, >= 3.126.0)
      aws-sigv4 (~> 1.1)
    aws-sdk-ec2 (1.298.0)
      aws-sdk-core (~> 3, >= 3.126.0)
      aws-sigv4 (~> 1.1)
    aws-sdk-ec2instanceconnect (1.23.0)
      aws-sdk-core (~> 3, >= 3.126.0)
      aws-sigv4 (~> 1.1)
    aws-sdk-ecr (1.53.0)
      aws-sdk-core (~> 3, >= 3.126.0)
      aws-sigv4 (~> 1.1)
    aws-sdk-ecrpublic (1.11.0)
      aws-sdk-core (~> 3, >= 3.126.0)
      aws-sigv4 (~> 1.1)
    aws-sdk-ecs (1.95.0)
      aws-sdk-core (~> 3, >= 3.126.0)
      aws-sigv4 (~> 1.1)
    aws-sdk-efs (1.52.0)
      aws-sdk-core (~> 3, >= 3.126.0)
      aws-sigv4 (~> 1.1)
    aws-sdk-eks (1.72.0)
      aws-sdk-core (~> 3, >= 3.126.0)
      aws-sigv4 (~> 1.1)
    aws-sdk-elasticache (1.72.0)
      aws-sdk-core (~> 3, >= 3.126.0)
      aws-sigv4 (~> 1.1)
    aws-sdk-elasticbeanstalk (1.50.0)
      aws-sdk-core (~> 3, >= 3.126.0)
      aws-sigv4 (~> 1.1)
    aws-sdk-elasticinference (1.20.0)
      aws-sdk-core (~> 3, >= 3.126.0)
      aws-sigv4 (~> 1.1)
    aws-sdk-elasticloadbalancing (1.39.0)
      aws-sdk-core (~> 3, >= 3.126.0)
      aws-sigv4 (~> 1.1)
    aws-sdk-elasticloadbalancingv2 (1.76.0)
      aws-sdk-core (~> 3, >= 3.126.0)
      aws-sigv4 (~> 1.1)
    aws-sdk-elasticsearchservice (1.64.0)
      aws-sdk-core (~> 3, >= 3.126.0)
      aws-sigv4 (~> 1.1)
    aws-sdk-elastictranscoder (1.37.0)
      aws-sdk-core (~> 3, >= 3.126.0)
      aws-sigv4 (~> 1.1)
    aws-sdk-emr (1.58.0)
      aws-sdk-core (~> 3, >= 3.126.0)
      aws-sigv4 (~> 1.1)
    aws-sdk-emrcontainers (1.13.0)
      aws-sdk-core (~> 3, >= 3.126.0)
      aws-sigv4 (~> 1.1)
    aws-sdk-eventbridge (1.36.0)
      aws-sdk-core (~> 3, >= 3.126.0)
      aws-sigv4 (~> 1.1)
    aws-sdk-finspace (1.10.0)
      aws-sdk-core (~> 3, >= 3.126.0)
      aws-sigv4 (~> 1.1)
    aws-sdk-finspacedata (1.12.0)
      aws-sdk-core (~> 3, >= 3.126.0)
      aws-sigv4 (~> 1.1)
    aws-sdk-firehose (1.47.0)
      aws-sdk-core (~> 3, >= 3.126.0)
      aws-sigv4 (~> 1.1)
    aws-sdk-fis (1.11.0)
      aws-sdk-core (~> 3, >= 3.126.0)
      aws-sigv4 (~> 1.1)
    aws-sdk-fms (1.47.0)
      aws-sdk-core (~> 3, >= 3.126.0)
      aws-sigv4 (~> 1.1)
    aws-sdk-forecastqueryservice (1.20.0)
      aws-sdk-core (~> 3, >= 3.126.0)
      aws-sigv4 (~> 1.1)
    aws-sdk-forecastservice (1.32.0)
      aws-sdk-core (~> 3, >= 3.126.0)
      aws-sigv4 (~> 1.1)
    aws-sdk-frauddetector (1.31.0)
      aws-sdk-core (~> 3, >= 3.126.0)
      aws-sigv4 (~> 1.1)
    aws-sdk-fsx (1.49.0)
      aws-sdk-core (~> 3, >= 3.126.0)
      aws-sigv4 (~> 1.1)
    aws-sdk-gamelift (1.53.0)
      aws-sdk-core (~> 3, >= 3.126.0)
      aws-sigv4 (~> 1.1)
    aws-sdk-glacier (1.45.0)
      aws-sdk-core (~> 3, >= 3.126.0)
      aws-sigv4 (~> 1.1)
    aws-sdk-globalaccelerator (1.38.0)
      aws-sdk-core (~> 3, >= 3.126.0)
      aws-sigv4 (~> 1.1)
    aws-sdk-glue (1.105.0)
      aws-sdk-core (~> 3, >= 3.126.0)
      aws-sigv4 (~> 1.1)
    aws-sdk-gluedatabrew (1.20.0)
      aws-sdk-core (~> 3, >= 3.126.0)
      aws-sigv4 (~> 1.1)
    aws-sdk-greengrass (1.48.0)
      aws-sdk-core (~> 3, >= 3.126.0)
      aws-sigv4 (~> 1.1)
    aws-sdk-greengrassv2 (1.15.0)
      aws-sdk-core (~> 3, >= 3.126.0)
      aws-sigv4 (~> 1.1)
    aws-sdk-groundstation (1.26.0)
      aws-sdk-core (~> 3, >= 3.126.0)
      aws-sigv4 (~> 1.1)
    aws-sdk-guardduty (1.55.0)
      aws-sdk-core (~> 3, >= 3.126.0)
      aws-sigv4 (~> 1.1)
    aws-sdk-health (1.46.0)
      aws-sdk-core (~> 3, >= 3.126.0)
      aws-sigv4 (~> 1.1)
    aws-sdk-healthlake (1.12.0)
      aws-sdk-core (~> 3, >= 3.126.0)
      aws-sigv4 (~> 1.1)
    aws-sdk-honeycode (1.16.0)
      aws-sdk-core (~> 3, >= 3.126.0)
      aws-sigv4 (~> 1.1)
    aws-sdk-iam (1.66.0)
      aws-sdk-core (~> 3, >= 3.126.0)
      aws-sigv4 (~> 1.1)
    aws-sdk-identitystore (1.14.0)
      aws-sdk-core (~> 3, >= 3.126.0)
      aws-sigv4 (~> 1.1)
    aws-sdk-imagebuilder (1.38.0)
      aws-sdk-core (~> 3, >= 3.126.0)
      aws-sigv4 (~> 1.1)
    aws-sdk-importexport (1.34.0)
      aws-sdk-core (~> 3, >= 3.126.0)
      aws-sigv2 (~> 1.0)
    aws-sdk-inspector (1.42.0)
      aws-sdk-core (~> 3, >= 3.126.0)
      aws-sigv4 (~> 1.1)
    aws-sdk-inspector2 (1.3.0)
      aws-sdk-core (~> 3, >= 3.126.0)
      aws-sigv4 (~> 1.1)
    aws-sdk-iot (1.85.0)
      aws-sdk-core (~> 3, >= 3.126.0)
      aws-sigv4 (~> 1.1)
    aws-sdk-iot1clickdevicesservice (1.36.0)
      aws-sdk-core (~> 3, >= 3.126.0)
      aws-sigv4 (~> 1.1)
    aws-sdk-iot1clickprojects (1.36.0)
      aws-sdk-core (~> 3, >= 3.126.0)
      aws-sigv4 (~> 1.1)
    aws-sdk-iotanalytics (1.48.0)
      aws-sdk-core (~> 3, >= 3.126.0)
      aws-sigv4 (~> 1.1)
    aws-sdk-iotdataplane (1.37.0)
      aws-sdk-core (~> 3, >= 3.126.0)
      aws-sigv4 (~> 1.1)
    aws-sdk-iotdeviceadvisor (1.13.0)
      aws-sdk-core (~> 3, >= 3.126.0)
      aws-sigv4 (~> 1.1)
    aws-sdk-iotevents (1.32.0)
      aws-sdk-core (~> 3, >= 3.126.0)
      aws-sigv4 (~> 1.1)
    aws-sdk-ioteventsdata (1.25.0)
      aws-sdk-core (~> 3, >= 3.126.0)
      aws-sigv4 (~> 1.1)
    aws-sdk-iotfleethub (1.10.0)
      aws-sdk-core (~> 3, >= 3.126.0)
      aws-sigv4 (~> 1.1)
    aws-sdk-iotjobsdataplane (1.35.0)
      aws-sdk-core (~> 3, >= 3.126.0)
      aws-sigv4 (~> 1.1)
    aws-sdk-iotsecuretunneling (1.19.0)
      aws-sdk-core (~> 3, >= 3.126.0)
      aws-sigv4 (~> 1.1)
    aws-sdk-iotsitewise (1.39.0)
      aws-sdk-core (~> 3, >= 3.126.0)
      aws-sigv4 (~> 1.1)
    aws-sdk-iotthingsgraph (1.22.0)
      aws-sdk-core (~> 3, >= 3.126.0)
      aws-sigv4 (~> 1.1)
    aws-sdk-iottwinmaker (1.2.0)
      aws-sdk-core (~> 3, >= 3.126.0)
      aws-sigv4 (~> 1.1)
    aws-sdk-iotwireless (1.21.0)
      aws-sdk-core (~> 3, >= 3.126.0)
      aws-sigv4 (~> 1.1)
    aws-sdk-ivs (1.19.0)
      aws-sdk-core (~> 3, >= 3.126.0)
      aws-sigv4 (~> 1.1)
    aws-sdk-kafka (1.48.0)
      aws-sdk-core (~> 3, >= 3.126.0)
      aws-sigv4 (~> 1.1)
    aws-sdk-kafkaconnect (1.5.0)
      aws-sdk-core (~> 3, >= 3.126.0)
      aws-sigv4 (~> 1.1)
    aws-sdk-kendra (1.44.0)
      aws-sdk-core (~> 3, >= 3.126.0)
      aws-sigv4 (~> 1.1)
    aws-sdk-kinesis (1.40.0)
      aws-sdk-core (~> 3, >= 3.126.0)
      aws-sigv4 (~> 1.1)
    aws-sdk-kinesisanalytics (1.39.0)
      aws-sdk-core (~> 3, >= 3.126.0)
      aws-sigv4 (~> 1.1)
    aws-sdk-kinesisanalyticsv2 (1.39.0)
      aws-sdk-core (~> 3, >= 3.126.0)
      aws-sigv4 (~> 1.1)
    aws-sdk-kinesisvideo (1.40.0)
      aws-sdk-core (~> 3, >= 3.126.0)
      aws-sigv4 (~> 1.1)
    aws-sdk-kinesisvideoarchivedmedia (1.42.0)
      aws-sdk-core (~> 3, >= 3.126.0)
      aws-sigv4 (~> 1.1)
    aws-sdk-kinesisvideomedia (1.36.0)
      aws-sdk-core (~> 3, >= 3.126.0)
      aws-sigv4 (~> 1.1)
    aws-sdk-kinesisvideosignalingchannels (1.18.0)
      aws-sdk-core (~> 3, >= 3.126.0)
      aws-sigv4 (~> 1.1)
    aws-sdk-kms (1.54.0)
      aws-sdk-core (~> 3, >= 3.126.0)
      aws-sigv4 (~> 1.1)
    aws-sdk-lakeformation (1.24.0)
      aws-sdk-core (~> 3, >= 3.126.0)
      aws-sigv4 (~> 1.1)
    aws-sdk-lambda (1.78.0)
      aws-sdk-core (~> 3, >= 3.126.0)
      aws-sigv4 (~> 1.1)
    aws-sdk-lambdapreview (1.34.0)
      aws-sdk-core (~> 3, >= 3.126.0)
      aws-sigv4 (~> 1.1)
    aws-sdk-lex (1.44.0)
      aws-sdk-core (~> 3, >= 3.126.0)
      aws-sigv4 (~> 1.1)
    aws-sdk-lexmodelbuildingservice (1.56.0)
      aws-sdk-core (~> 3, >= 3.126.0)
      aws-sigv4 (~> 1.1)
    aws-sdk-lexmodelsv2 (1.21.0)
      aws-sdk-core (~> 3, >= 3.126.0)
      aws-sigv4 (~> 1.1)
    aws-sdk-lexruntimev2 (1.14.0)
      aws-sdk-core (~> 3, >= 3.126.0)
      aws-sigv4 (~> 1.1)
    aws-sdk-licensemanager (1.39.0)
      aws-sdk-core (~> 3, >= 3.126.0)
      aws-sigv4 (~> 1.1)
    aws-sdk-lightsail (1.62.0)
      aws-sdk-core (~> 3, >= 3.126.0)
      aws-sigv4 (~> 1.1)
    aws-sdk-locationservice (1.18.0)
      aws-sdk-core (~> 3, >= 3.126.0)
      aws-sigv4 (~> 1.1)
    aws-sdk-lookoutequipment (1.9.0)
      aws-sdk-core (~> 3, >= 3.126.0)
      aws-sigv4 (~> 1.1)
    aws-sdk-lookoutforvision (1.13.0)
      aws-sdk-core (~> 3, >= 3.126.0)
      aws-sigv4 (~> 1.1)
    aws-sdk-lookoutmetrics (1.14.0)
      aws-sdk-core (~> 3, >= 3.126.0)
      aws-sigv4 (~> 1.1)
    aws-sdk-machinelearning (1.36.0)
      aws-sdk-core (~> 3, >= 3.126.0)
      aws-sigv4 (~> 1.1)
    aws-sdk-macie (1.36.0)
      aws-sdk-core (~> 3, >= 3.126.0)
      aws-sigv4 (~> 1.1)
    aws-sdk-macie2 (1.43.0)
      aws-sdk-core (~> 3, >= 3.126.0)
      aws-sigv4 (~> 1.1)
    aws-sdk-managedblockchain (1.31.0)
      aws-sdk-core (~> 3, >= 3.126.0)
      aws-sigv4 (~> 1.1)
    aws-sdk-managedgrafana (1.5.0)
      aws-sdk-core (~> 3, >= 3.126.0)
      aws-sigv4 (~> 1.1)
    aws-sdk-marketplacecatalog (1.20.0)
      aws-sdk-core (~> 3, >= 3.126.0)
      aws-sigv4 (~> 1.1)
    aws-sdk-marketplacecommerceanalytics (1.40.0)
      aws-sdk-core (~> 3, >= 3.126.0)
      aws-sigv4 (~> 1.1)
    aws-sdk-marketplaceentitlementservice (1.34.0)
      aws-sdk-core (~> 3, >= 3.126.0)
      aws-sigv4 (~> 1.1)
    aws-sdk-marketplacemetering (1.43.0)
      aws-sdk-core (~> 3, >= 3.126.0)
      aws-sigv4 (~> 1.1)
    aws-sdk-mediaconnect (1.42.0)
      aws-sdk-core (~> 3, >= 3.126.0)
      aws-sigv4 (~> 1.1)
    aws-sdk-mediaconvert (1.85.0)
      aws-sdk-core (~> 3, >= 3.126.0)
      aws-sigv4 (~> 1.1)
    aws-sdk-medialive (1.84.0)
      aws-sdk-core (~> 3, >= 3.126.0)
      aws-sigv4 (~> 1.1)
    aws-sdk-mediapackage (1.50.0)
      aws-sdk-core (~> 3, >= 3.126.0)
      aws-sigv4 (~> 1.1)
    aws-sdk-mediapackagevod (1.34.0)
      aws-sdk-core (~> 3, >= 3.126.0)
      aws-sigv4 (~> 1.1)
    aws-sdk-mediastore (1.40.0)
      aws-sdk-core (~> 3, >= 3.126.0)
      aws-sigv4 (~> 1.1)
    aws-sdk-mediastoredata (1.37.0)
      aws-sdk-core (~> 3, >= 3.126.0)
      aws-sigv4 (~> 1.1)
    aws-sdk-mediatailor (1.53.0)
      aws-sdk-core (~> 3, >= 3.126.0)
      aws-sigv4 (~> 1.1)
    aws-sdk-memorydb (1.7.0)
      aws-sdk-core (~> 3, >= 3.126.0)
      aws-sigv4 (~> 1.1)
    aws-sdk-mgn (1.10.0)
      aws-sdk-core (~> 3, >= 3.126.0)
      aws-sigv4 (~> 1.1)
    aws-sdk-migrationhub (1.39.0)
      aws-sdk-core (~> 3, >= 3.126.0)
      aws-sigv4 (~> 1.1)
    aws-sdk-migrationhubconfig (1.19.0)
      aws-sdk-core (~> 3, >= 3.126.0)
      aws-sigv4 (~> 1.1)
    aws-sdk-migrationhubrefactorspaces (1.3.0)
      aws-sdk-core (~> 3, >= 3.126.0)
      aws-sigv4 (~> 1.1)
    aws-sdk-migrationhubstrategyrecommendations (1.3.0)
      aws-sdk-core (~> 3, >= 3.126.0)
      aws-sigv4 (~> 1.1)
    aws-sdk-mobile (1.34.0)
      aws-sdk-core (~> 3, >= 3.126.0)
      aws-sigv4 (~> 1.1)
    aws-sdk-mq (1.45.0)
      aws-sdk-core (~> 3, >= 3.126.0)
      aws-sigv4 (~> 1.1)
    aws-sdk-mturk (1.39.0)
      aws-sdk-core (~> 3, >= 3.126.0)
      aws-sigv4 (~> 1.1)
    aws-sdk-mwaa (1.14.0)
      aws-sdk-core (~> 3, >= 3.126.0)
      aws-sigv4 (~> 1.1)
    aws-sdk-neptune (1.44.0)
      aws-sdk-core (~> 3, >= 3.126.0)
      aws-sigv4 (~> 1.1)
    aws-sdk-networkfirewall (1.14.0)
      aws-sdk-core (~> 3, >= 3.126.0)
      aws-sigv4 (~> 1.1)
    aws-sdk-networkmanager (1.21.0)
      aws-sdk-core (~> 3, >= 3.126.0)
      aws-sigv4 (~> 1.1)
    aws-sdk-nimblestudio (1.12.0)
      aws-sdk-core (~> 3, >= 3.126.0)
      aws-sigv4 (~> 1.1)
    aws-sdk-opensearchservice (1.9.0)
      aws-sdk-core (~> 3, >= 3.126.0)
      aws-sigv4 (~> 1.1)
    aws-sdk-opsworks (1.40.0)
      aws-sdk-core (~> 3, >= 3.126.0)
      aws-sigv4 (~> 1.1)
    aws-sdk-opsworkscm (1.51.0)
      aws-sdk-core (~> 3, >= 3.126.0)
      aws-sigv4 (~> 1.1)
    aws-sdk-organizations (1.67.0)
      aws-sdk-core (~> 3, >= 3.126.0)
      aws-sigv4 (~> 1.1)
    aws-sdk-outposts (1.28.0)
      aws-sdk-core (~> 3, >= 3.126.0)
      aws-sigv4 (~> 1.1)
    aws-sdk-panorama (1.4.0)
      aws-sdk-core (~> 3, >= 3.126.0)
      aws-sigv4 (~> 1.1)
    aws-sdk-personalize (1.38.0)
      aws-sdk-core (~> 3, >= 3.126.0)
      aws-sigv4 (~> 1.1)
    aws-sdk-personalizeevents (1.26.0)
      aws-sdk-core (~> 3, >= 3.126.0)
      aws-sigv4 (~> 1.1)
    aws-sdk-personalizeruntime (1.31.0)
      aws-sdk-core (~> 3, >= 3.126.0)
      aws-sigv4 (~> 1.1)
    aws-sdk-pi (1.37.0)
      aws-sdk-core (~> 3, >= 3.126.0)
      aws-sigv4 (~> 1.1)
    aws-sdk-pinpoint (1.66.0)
      aws-sdk-core (~> 3, >= 3.126.0)
      aws-sigv4 (~> 1.1)
    aws-sdk-pinpointemail (1.34.0)
      aws-sdk-core (~> 3, >= 3.126.0)
      aws-sigv4 (~> 1.1)
    aws-sdk-pinpointsmsvoice (1.31.0)
      aws-sdk-core (~> 3, >= 3.126.0)
      aws-sigv4 (~> 1.1)
    aws-sdk-polly (1.52.0)
      aws-sdk-core (~> 3, >= 3.126.0)
      aws-sigv4 (~> 1.1)
    aws-sdk-pricing (1.36.0)
      aws-sdk-core (~> 3, >= 3.126.0)
      aws-sigv4 (~> 1.1)
    aws-sdk-prometheusservice (1.13.0)
      aws-sdk-core (~> 3, >= 3.126.0)
      aws-sigv4 (~> 1.1)
    aws-sdk-proton (1.13.0)
      aws-sdk-core (~> 3, >= 3.126.0)
      aws-sigv4 (~> 1.1)
    aws-sdk-qldb (1.24.0)
      aws-sdk-core (~> 3, >= 3.126.0)
      aws-sigv4 (~> 1.1)
    aws-sdk-qldbsession (1.21.0)
      aws-sdk-core (~> 3, >= 3.126.0)
      aws-sigv4 (~> 1.1)
    aws-sdk-quicksight (1.62.0)
      aws-sdk-core (~> 3, >= 3.126.0)
      aws-sigv4 (~> 1.1)
    aws-sdk-ram (1.37.0)
      aws-sdk-core (~> 3, >= 3.126.0)
      aws-sigv4 (~> 1.1)
    aws-sdk-rds (1.138.0)
      aws-sdk-core (~> 3, >= 3.126.0)
      aws-sigv4 (~> 1.1)
    aws-sdk-rdsdataservice (1.33.0)
      aws-sdk-core (~> 3, >= 3.126.0)
      aws-sigv4 (~> 1.1)
    aws-sdk-recyclebin (1.4.0)
      aws-sdk-core (~> 3, >= 3.126.0)
      aws-sigv4 (~> 1.1)
    aws-sdk-redshift (1.77.0)
      aws-sdk-core (~> 3, >= 3.126.0)
      aws-sigv4 (~> 1.1)
    aws-sdk-redshiftdataapiservice (1.18.0)
      aws-sdk-core (~> 3, >= 3.126.0)
      aws-sigv4 (~> 1.1)
    aws-sdk-rekognition (1.65.0)
      aws-sdk-core (~> 3, >= 3.126.0)
      aws-sigv4 (~> 1.1)
    aws-sdk-resiliencehub (1.3.0)
      aws-sdk-core (~> 3, >= 3.126.0)
      aws-sigv4 (~> 1.1)
    aws-sdk-resourcegroups (1.44.0)
      aws-sdk-core (~> 3, >= 3.126.0)
      aws-sigv4 (~> 1.1)
    aws-sdk-resourcegroupstaggingapi (1.46.0)
      aws-sdk-core (~> 3, >= 3.126.0)
      aws-sigv4 (~> 1.1)
    aws-sdk-resources (3.124.0)
      aws-sdk-accessanalyzer (~> 1)
      aws-sdk-account (~> 1)
      aws-sdk-acm (~> 1)
      aws-sdk-acmpca (~> 1)
      aws-sdk-alexaforbusiness (~> 1)
      aws-sdk-amplify (~> 1)
      aws-sdk-amplifybackend (~> 1)
      aws-sdk-amplifyuibuilder (~> 1)
      aws-sdk-apigateway (~> 1)
      aws-sdk-apigatewaymanagementapi (~> 1)
      aws-sdk-apigatewayv2 (~> 1)
      aws-sdk-appconfig (~> 1)
      aws-sdk-appconfigdata (~> 1)
      aws-sdk-appflow (~> 1)
      aws-sdk-appintegrationsservice (~> 1)
      aws-sdk-applicationautoscaling (~> 1)
      aws-sdk-applicationcostprofiler (~> 1)
      aws-sdk-applicationdiscoveryservice (~> 1)
      aws-sdk-applicationinsights (~> 1)
      aws-sdk-appmesh (~> 1)
      aws-sdk-appregistry (~> 1)
      aws-sdk-apprunner (~> 1)
      aws-sdk-appstream (~> 1)
      aws-sdk-appsync (~> 1)
      aws-sdk-athena (~> 1)
      aws-sdk-auditmanager (~> 1)
      aws-sdk-augmentedairuntime (~> 1)
      aws-sdk-autoscaling (~> 1)
      aws-sdk-autoscalingplans (~> 1)
      aws-sdk-backup (~> 1)
      aws-sdk-backupgateway (~> 1)
      aws-sdk-batch (~> 1)
      aws-sdk-braket (~> 1)
      aws-sdk-budgets (~> 1)
      aws-sdk-chime (~> 1)
      aws-sdk-chimesdkidentity (~> 1)
      aws-sdk-chimesdkmeetings (~> 1)
      aws-sdk-chimesdkmessaging (~> 1)
      aws-sdk-cloud9 (~> 1)
      aws-sdk-cloudcontrolapi (~> 1)
      aws-sdk-clouddirectory (~> 1)
      aws-sdk-cloudformation (~> 1)
      aws-sdk-cloudfront (~> 1)
      aws-sdk-cloudhsm (~> 1)
      aws-sdk-cloudhsmv2 (~> 1)
      aws-sdk-cloudsearch (~> 1)
      aws-sdk-cloudsearchdomain (~> 1)
      aws-sdk-cloudtrail (~> 1)
      aws-sdk-cloudwatch (~> 1)
      aws-sdk-cloudwatchevents (~> 1)
      aws-sdk-cloudwatchevidently (~> 1)
      aws-sdk-cloudwatchlogs (~> 1)
      aws-sdk-cloudwatchrum (~> 1)
      aws-sdk-codeartifact (~> 1)
      aws-sdk-codebuild (~> 1)
      aws-sdk-codecommit (~> 1)
      aws-sdk-codedeploy (~> 1)
      aws-sdk-codeguruprofiler (~> 1)
      aws-sdk-codegurureviewer (~> 1)
      aws-sdk-codepipeline (~> 1)
      aws-sdk-codestar (~> 1)
      aws-sdk-codestarconnections (~> 1)
      aws-sdk-codestarnotifications (~> 1)
      aws-sdk-cognitoidentity (~> 1)
      aws-sdk-cognitoidentityprovider (~> 1)
      aws-sdk-cognitosync (~> 1)
      aws-sdk-comprehend (~> 1)
      aws-sdk-comprehendmedical (~> 1)
      aws-sdk-computeoptimizer (~> 1)
      aws-sdk-configservice (~> 1)
      aws-sdk-connect (~> 1)
      aws-sdk-connectcontactlens (~> 1)
      aws-sdk-connectparticipant (~> 1)
      aws-sdk-connectwisdomservice (~> 1)
      aws-sdk-costandusagereportservice (~> 1)
      aws-sdk-costexplorer (~> 1)
      aws-sdk-customerprofiles (~> 1)
      aws-sdk-databasemigrationservice (~> 1)
      aws-sdk-dataexchange (~> 1)
      aws-sdk-datapipeline (~> 1)
      aws-sdk-datasync (~> 1)
      aws-sdk-dax (~> 1)
      aws-sdk-detective (~> 1)
      aws-sdk-devicefarm (~> 1)
      aws-sdk-devopsguru (~> 1)
      aws-sdk-directconnect (~> 1)
      aws-sdk-directoryservice (~> 1)
      aws-sdk-dlm (~> 1)
      aws-sdk-docdb (~> 1)
      aws-sdk-drs (~> 1)
      aws-sdk-dynamodb (~> 1)
      aws-sdk-dynamodbstreams (~> 1)
      aws-sdk-ebs (~> 1)
      aws-sdk-ec2 (~> 1)
      aws-sdk-ec2instanceconnect (~> 1)
      aws-sdk-ecr (~> 1)
      aws-sdk-ecrpublic (~> 1)
      aws-sdk-ecs (~> 1)
      aws-sdk-efs (~> 1)
      aws-sdk-eks (~> 1)
      aws-sdk-elasticache (~> 1)
      aws-sdk-elasticbeanstalk (~> 1)
      aws-sdk-elasticinference (~> 1)
      aws-sdk-elasticloadbalancing (~> 1)
      aws-sdk-elasticloadbalancingv2 (~> 1)
      aws-sdk-elasticsearchservice (~> 1)
      aws-sdk-elastictranscoder (~> 1)
      aws-sdk-emr (~> 1)
      aws-sdk-emrcontainers (~> 1)
      aws-sdk-eventbridge (~> 1)
      aws-sdk-finspace (~> 1)
      aws-sdk-finspacedata (~> 1)
      aws-sdk-firehose (~> 1)
      aws-sdk-fis (~> 1)
      aws-sdk-fms (~> 1)
      aws-sdk-forecastqueryservice (~> 1)
      aws-sdk-forecastservice (~> 1)
      aws-sdk-frauddetector (~> 1)
      aws-sdk-fsx (~> 1)
      aws-sdk-gamelift (~> 1)
      aws-sdk-glacier (~> 1)
      aws-sdk-globalaccelerator (~> 1)
      aws-sdk-glue (~> 1)
      aws-sdk-gluedatabrew (~> 1)
      aws-sdk-greengrass (~> 1)
      aws-sdk-greengrassv2 (~> 1)
      aws-sdk-groundstation (~> 1)
      aws-sdk-guardduty (~> 1)
      aws-sdk-health (~> 1)
      aws-sdk-healthlake (~> 1)
      aws-sdk-honeycode (~> 1)
      aws-sdk-iam (~> 1)
      aws-sdk-identitystore (~> 1)
      aws-sdk-imagebuilder (~> 1)
      aws-sdk-importexport (~> 1)
      aws-sdk-inspector (~> 1)
      aws-sdk-inspector2 (~> 1)
      aws-sdk-iot (~> 1)
      aws-sdk-iot1clickdevicesservice (~> 1)
      aws-sdk-iot1clickprojects (~> 1)
      aws-sdk-iotanalytics (~> 1)
      aws-sdk-iotdataplane (~> 1)
      aws-sdk-iotdeviceadvisor (~> 1)
      aws-sdk-iotevents (~> 1)
      aws-sdk-ioteventsdata (~> 1)
      aws-sdk-iotfleethub (~> 1)
      aws-sdk-iotjobsdataplane (~> 1)
      aws-sdk-iotsecuretunneling (~> 1)
      aws-sdk-iotsitewise (~> 1)
      aws-sdk-iotthingsgraph (~> 1)
      aws-sdk-iottwinmaker (~> 1)
      aws-sdk-iotwireless (~> 1)
      aws-sdk-ivs (~> 1)
      aws-sdk-kafka (~> 1)
      aws-sdk-kafkaconnect (~> 1)
      aws-sdk-kendra (~> 1)
      aws-sdk-kinesis (~> 1)
      aws-sdk-kinesisanalytics (~> 1)
      aws-sdk-kinesisanalyticsv2 (~> 1)
      aws-sdk-kinesisvideo (~> 1)
      aws-sdk-kinesisvideoarchivedmedia (~> 1)
      aws-sdk-kinesisvideomedia (~> 1)
      aws-sdk-kinesisvideosignalingchannels (~> 1)
      aws-sdk-kms (~> 1)
      aws-sdk-lakeformation (~> 1)
      aws-sdk-lambda (~> 1)
      aws-sdk-lambdapreview (~> 1)
      aws-sdk-lex (~> 1)
      aws-sdk-lexmodelbuildingservice (~> 1)
      aws-sdk-lexmodelsv2 (~> 1)
      aws-sdk-lexruntimev2 (~> 1)
      aws-sdk-licensemanager (~> 1)
      aws-sdk-lightsail (~> 1)
      aws-sdk-locationservice (~> 1)
      aws-sdk-lookoutequipment (~> 1)
      aws-sdk-lookoutforvision (~> 1)
      aws-sdk-lookoutmetrics (~> 1)
      aws-sdk-machinelearning (~> 1)
      aws-sdk-macie (~> 1)
      aws-sdk-macie2 (~> 1)
      aws-sdk-managedblockchain (~> 1)
      aws-sdk-managedgrafana (~> 1)
      aws-sdk-marketplacecatalog (~> 1)
      aws-sdk-marketplacecommerceanalytics (~> 1)
      aws-sdk-marketplaceentitlementservice (~> 1)
      aws-sdk-marketplacemetering (~> 1)
      aws-sdk-mediaconnect (~> 1)
      aws-sdk-mediaconvert (~> 1)
      aws-sdk-medialive (~> 1)
      aws-sdk-mediapackage (~> 1)
      aws-sdk-mediapackagevod (~> 1)
      aws-sdk-mediastore (~> 1)
      aws-sdk-mediastoredata (~> 1)
      aws-sdk-mediatailor (~> 1)
      aws-sdk-memorydb (~> 1)
      aws-sdk-mgn (~> 1)
      aws-sdk-migrationhub (~> 1)
      aws-sdk-migrationhubconfig (~> 1)
      aws-sdk-migrationhubrefactorspaces (~> 1)
      aws-sdk-migrationhubstrategyrecommendations (~> 1)
      aws-sdk-mobile (~> 1)
      aws-sdk-mq (~> 1)
      aws-sdk-mturk (~> 1)
      aws-sdk-mwaa (~> 1)
      aws-sdk-neptune (~> 1)
      aws-sdk-networkfirewall (~> 1)
      aws-sdk-networkmanager (~> 1)
      aws-sdk-nimblestudio (~> 1)
      aws-sdk-opensearchservice (~> 1)
      aws-sdk-opsworks (~> 1)
      aws-sdk-opsworkscm (~> 1)
      aws-sdk-organizations (~> 1)
      aws-sdk-outposts (~> 1)
      aws-sdk-panorama (~> 1)
      aws-sdk-personalize (~> 1)
      aws-sdk-personalizeevents (~> 1)
      aws-sdk-personalizeruntime (~> 1)
      aws-sdk-pi (~> 1)
      aws-sdk-pinpoint (~> 1)
      aws-sdk-pinpointemail (~> 1)
      aws-sdk-pinpointsmsvoice (~> 1)
      aws-sdk-polly (~> 1)
      aws-sdk-pricing (~> 1)
      aws-sdk-prometheusservice (~> 1)
      aws-sdk-proton (~> 1)
      aws-sdk-qldb (~> 1)
      aws-sdk-qldbsession (~> 1)
      aws-sdk-quicksight (~> 1)
      aws-sdk-ram (~> 1)
      aws-sdk-rds (~> 1)
      aws-sdk-rdsdataservice (~> 1)
      aws-sdk-recyclebin (~> 1)
      aws-sdk-redshift (~> 1)
      aws-sdk-redshiftdataapiservice (~> 1)
      aws-sdk-rekognition (~> 1)
      aws-sdk-resiliencehub (~> 1)
      aws-sdk-resourcegroups (~> 1)
      aws-sdk-resourcegroupstaggingapi (~> 1)
      aws-sdk-robomaker (~> 1)
      aws-sdk-route53 (~> 1)
      aws-sdk-route53domains (~> 1)
      aws-sdk-route53recoverycluster (~> 1)
      aws-sdk-route53recoverycontrolconfig (~> 1)
      aws-sdk-route53recoveryreadiness (~> 1)
      aws-sdk-route53resolver (~> 1)
      aws-sdk-s3 (~> 1)
      aws-sdk-s3control (~> 1)
      aws-sdk-s3outposts (~> 1)
      aws-sdk-sagemaker (~> 1)
      aws-sdk-sagemakeredgemanager (~> 1)
      aws-sdk-sagemakerfeaturestoreruntime (~> 1)
      aws-sdk-sagemakerruntime (~> 1)
      aws-sdk-savingsplans (~> 1)
      aws-sdk-schemas (~> 1)
      aws-sdk-secretsmanager (~> 1)
      aws-sdk-securityhub (~> 1)
      aws-sdk-serverlessapplicationrepository (~> 1)
      aws-sdk-servicecatalog (~> 1)
      aws-sdk-servicediscovery (~> 1)
      aws-sdk-servicequotas (~> 1)
      aws-sdk-ses (~> 1)
      aws-sdk-sesv2 (~> 1)
      aws-sdk-shield (~> 1)
      aws-sdk-signer (~> 1)
      aws-sdk-simpledb (~> 1)
      aws-sdk-sms (~> 1)
      aws-sdk-snowball (~> 1)
      aws-sdk-snowdevicemanagement (~> 1)
      aws-sdk-sns (~> 1)
      aws-sdk-sqs (~> 1)
      aws-sdk-ssm (~> 1)
      aws-sdk-ssmcontacts (~> 1)
      aws-sdk-ssmincidents (~> 1)
      aws-sdk-ssoadmin (~> 1)
      aws-sdk-ssooidc (~> 1)
      aws-sdk-states (~> 1)
      aws-sdk-storagegateway (~> 1)
      aws-sdk-support (~> 1)
      aws-sdk-swf (~> 1)
      aws-sdk-synthetics (~> 1)
      aws-sdk-textract (~> 1)
      aws-sdk-timestreamquery (~> 1)
      aws-sdk-timestreamwrite (~> 1)
      aws-sdk-transcribeservice (~> 1)
      aws-sdk-transcribestreamingservice (~> 1)
      aws-sdk-transfer (~> 1)
      aws-sdk-translate (~> 1)
      aws-sdk-voiceid (~> 1)
      aws-sdk-waf (~> 1)
      aws-sdk-wafregional (~> 1)
      aws-sdk-wafv2 (~> 1)
      aws-sdk-wellarchitected (~> 1)
      aws-sdk-workdocs (~> 1)
      aws-sdk-worklink (~> 1)
      aws-sdk-workmail (~> 1)
      aws-sdk-workmailmessageflow (~> 1)
      aws-sdk-workspaces (~> 1)
      aws-sdk-workspacesweb (~> 1)
      aws-sdk-xray (~> 1)
    aws-sdk-robomaker (1.49.0)
      aws-sdk-core (~> 3, >= 3.126.0)
      aws-sigv4 (~> 1.1)
    aws-sdk-route53 (1.61.0)
      aws-sdk-core (~> 3, >= 3.126.0)
      aws-sigv4 (~> 1.1)
    aws-sdk-route53domains (1.39.0)
      aws-sdk-core (~> 3, >= 3.126.0)
      aws-sigv4 (~> 1.1)
    aws-sdk-route53recoverycluster (1.8.0)
      aws-sdk-core (~> 3, >= 3.126.0)
      aws-sigv4 (~> 1.1)
    aws-sdk-route53recoverycontrolconfig (1.9.0)
      aws-sdk-core (~> 3, >= 3.126.0)
      aws-sigv4 (~> 1.1)
    aws-sdk-route53recoveryreadiness (1.9.0)
      aws-sdk-core (~> 3, >= 3.126.0)
      aws-sigv4 (~> 1.1)
    aws-sdk-route53resolver (1.36.0)
      aws-sdk-core (~> 3, >= 3.126.0)
      aws-sigv4 (~> 1.1)
    aws-sdk-s3 (1.112.0)
      aws-sdk-core (~> 3, >= 3.126.0)
      aws-sdk-kms (~> 1)
      aws-sigv4 (~> 1.4)
    aws-sdk-s3control (1.48.0)
      aws-sdk-core (~> 3, >= 3.126.0)
      aws-sigv4 (~> 1.1)
    aws-sdk-s3outposts (1.11.0)
      aws-sdk-core (~> 3, >= 3.126.0)
      aws-sigv4 (~> 1.1)
    aws-sdk-sagemaker (1.119.0)
      aws-sdk-core (~> 3, >= 3.126.0)
      aws-sigv4 (~> 1.1)
    aws-sdk-sagemakeredgemanager (1.10.0)
      aws-sdk-core (~> 3, >= 3.126.0)
      aws-sigv4 (~> 1.1)
    aws-sdk-sagemakerfeaturestoreruntime (1.11.0)
      aws-sdk-core (~> 3, >= 3.126.0)
      aws-sigv4 (~> 1.1)
    aws-sdk-sagemakerruntime (1.41.0)
      aws-sdk-core (~> 3, >= 3.126.0)
      aws-sigv4 (~> 1.1)
    aws-sdk-savingsplans (1.25.0)
      aws-sdk-core (~> 3, >= 3.126.0)
      aws-sigv4 (~> 1.1)
    aws-sdk-schemas (1.22.0)
      aws-sdk-core (~> 3, >= 3.126.0)
      aws-sigv4 (~> 1.1)
    aws-sdk-secretsmanager (1.57.0)
      aws-sdk-core (~> 3, >= 3.126.0)
      aws-sigv4 (~> 1.1)
    aws-sdk-securityhub (1.61.0)
      aws-sdk-core (~> 3, >= 3.126.0)
      aws-sigv4 (~> 1.1)
    aws-sdk-serverlessapplicationrepository (1.42.0)
      aws-sdk-core (~> 3, >= 3.126.0)
      aws-sigv4 (~> 1.1)
    aws-sdk-servicecatalog (1.68.0)
      aws-sdk-core (~> 3, >= 3.126.0)
      aws-sigv4 (~> 1.1)
    aws-sdk-servicediscovery (1.45.0)
      aws-sdk-core (~> 3, >= 3.126.0)
      aws-sigv4 (~> 1.1)
    aws-sdk-servicequotas (1.22.0)
      aws-sdk-core (~> 3, >= 3.126.0)
      aws-sigv4 (~> 1.1)
    aws-sdk-ses (1.46.0)
      aws-sdk-core (~> 3, >= 3.126.0)
      aws-sigv4 (~> 1.1)
    aws-sdk-sesv2 (1.26.0)
      aws-sdk-core (~> 3, >= 3.126.0)
      aws-sigv4 (~> 1.1)
    aws-sdk-shield (1.47.0)
      aws-sdk-core (~> 3, >= 3.126.0)
      aws-sigv4 (~> 1.1)
    aws-sdk-signer (1.37.0)
      aws-sdk-core (~> 3, >= 3.126.0)
      aws-sigv4 (~> 1.1)
    aws-sdk-simpledb (1.34.0)
      aws-sdk-core (~> 3, >= 3.126.0)
      aws-sigv2 (~> 1.0)
    aws-sdk-sms (1.38.0)
      aws-sdk-core (~> 3, >= 3.126.0)
      aws-sigv4 (~> 1.1)
    aws-sdk-snowball (1.48.0)
      aws-sdk-core (~> 3, >= 3.126.0)
      aws-sigv4 (~> 1.1)
    aws-sdk-snowdevicemanagement (1.6.0)
      aws-sdk-core (~> 3, >= 3.126.0)
      aws-sigv4 (~> 1.1)
    aws-sdk-sns (1.52.0)
      aws-sdk-core (~> 3, >= 3.126.0)
      aws-sigv4 (~> 1.1)
    aws-sdk-sqs (1.50.0)
      aws-sdk-core (~> 3, >= 3.126.0)
      aws-sigv4 (~> 1.1)
    aws-sdk-ssm (1.130.0)
      aws-sdk-core (~> 3, >= 3.126.0)
      aws-sigv4 (~> 1.1)
    aws-sdk-ssmcontacts (1.12.0)
      aws-sdk-core (~> 3, >= 3.126.0)
      aws-sigv4 (~> 1.1)
    aws-sdk-ssmincidents (1.11.0)
      aws-sdk-core (~> 3, >= 3.126.0)
      aws-sigv4 (~> 1.1)
    aws-sdk-ssoadmin (1.15.0)
      aws-sdk-core (~> 3, >= 3.126.0)
      aws-sigv4 (~> 1.1)
    aws-sdk-ssooidc (1.18.0)
      aws-sdk-core (~> 3, >= 3.126.0)
      aws-sigv4 (~> 1.1)
    aws-sdk-states (1.47.0)
      aws-sdk-core (~> 3, >= 3.126.0)
      aws-sigv4 (~> 1.1)
    aws-sdk-storagegateway (1.66.0)
      aws-sdk-core (~> 3, >= 3.126.0)
      aws-sigv4 (~> 1.1)
    aws-sdk-support (1.40.0)
      aws-sdk-core (~> 3, >= 3.126.0)
      aws-sigv4 (~> 1.1)
    aws-sdk-swf (1.35.0)
      aws-sdk-core (~> 3, >= 3.126.0)
      aws-sigv4 (~> 1.1)
    aws-sdk-synthetics (1.24.0)
      aws-sdk-core (~> 3, >= 3.126.0)
      aws-sigv4 (~> 1.1)
    aws-sdk-textract (1.35.0)
      aws-sdk-core (~> 3, >= 3.126.0)
      aws-sigv4 (~> 1.1)
    aws-sdk-timestreamquery (1.13.0)
      aws-sdk-core (~> 3, >= 3.126.0)
      aws-sigv4 (~> 1.1)
    aws-sdk-timestreamwrite (1.13.0)
      aws-sdk-core (~> 3, >= 3.126.0)
      aws-sigv4 (~> 1.1)
    aws-sdk-transcribeservice (1.71.0)
      aws-sdk-core (~> 3, >= 3.126.0)
      aws-sigv4 (~> 1.1)
    aws-sdk-transcribestreamingservice (1.40.0)
      aws-sdk-core (~> 3, >= 3.126.0)
      aws-sigv4 (~> 1.1)
    aws-sdk-transfer (1.46.0)
      aws-sdk-core (~> 3, >= 3.126.0)
      aws-sigv4 (~> 1.1)
    aws-sdk-translate (1.42.0)
      aws-sdk-core (~> 3, >= 3.126.0)
      aws-sigv4 (~> 1.1)
    aws-sdk-voiceid (1.5.0)
      aws-sdk-core (~> 3, >= 3.126.0)
      aws-sigv4 (~> 1.1)
    aws-sdk-waf (1.46.0)
      aws-sdk-core (~> 3, >= 3.126.0)
      aws-sigv4 (~> 1.1)
    aws-sdk-wafregional (1.47.0)
      aws-sdk-core (~> 3, >= 3.126.0)
      aws-sigv4 (~> 1.1)
    aws-sdk-wafv2 (1.35.0)
      aws-sdk-core (~> 3, >= 3.126.0)
      aws-sigv4 (~> 1.1)
    aws-sdk-wellarchitected (1.14.0)
      aws-sdk-core (~> 3, >= 3.126.0)
      aws-sigv4 (~> 1.1)
    aws-sdk-workdocs (1.38.0)
      aws-sdk-core (~> 3, >= 3.126.0)
      aws-sigv4 (~> 1.1)
    aws-sdk-worklink (1.31.0)
      aws-sdk-core (~> 3, >= 3.126.0)
      aws-sigv4 (~> 1.1)
    aws-sdk-workmail (1.48.0)
      aws-sdk-core (~> 3, >= 3.126.0)
      aws-sigv4 (~> 1.1)
    aws-sdk-workmailmessageflow (1.20.0)
      aws-sdk-core (~> 3, >= 3.126.0)
      aws-sigv4 (~> 1.1)
    aws-sdk-workspaces (1.64.0)
      aws-sdk-core (~> 3, >= 3.126.0)
      aws-sigv4 (~> 1.1)
    aws-sdk-workspacesweb (1.2.0)
      aws-sdk-core (~> 3, >= 3.126.0)
      aws-sigv4 (~> 1.1)
    aws-sdk-xray (1.46.0)
      aws-sdk-core (~> 3, >= 3.126.0)
      aws-sigv4 (~> 1.1)
    aws-sigv2 (1.1.0)
    aws-sigv4 (1.4.0)
      aws-eventstream (~> 1, >= 1.0.2)
    bcrypt (3.1.16)
    bindex (0.8.1)
    bootsnap (1.10.3)
      msgpack (~> 1.2)
    bootstrap-sass (3.4.1)
      autoprefixer-rails (>= 5.2.1)
      sassc (>= 2.0.0)
    builder (3.2.4)
    byebug (11.1.3)
    capybara (3.36.0)
      activemodel (>= 3.2.0)
      activesupport (>= 3.2.0)
      addressable
      json (>= 1.7)
      matrix
      mime-types (>= 1.16)
      mini_mime (>= 0.1.3)
      nokogiri (~> 1.8)
      rack (>= 1.6.0)
      rack-test (>= 0.6.3)
      regexp_parser (>= 1.5, < 3.0)
      xpath (~> 3.2)
    childprocess (4.1.0)
    commontator (7.0.0)
      rails (>= 6.0)
      sprockets-rails
      will_paginate
    concurrent-ruby (1.1.9)
    crass (1.0.6)
      activerecord (>= 3.0, < 8.0)
      activesupport (>= 3.0, < 8.0)
    devise (4.8.1)
      bcrypt (~> 3.0)
      orm_adapter (~> 0.1)
      railties (>= 4.1.0)
      responders
      warden (~> 1.2.3)
    domain_name (0.5.20190701)
      unf (>= 0.0.5, < 1.0.0)
    dry-inflector (0.2.1)
    emoji (1.0.7)
      json
    erubi (1.10.0)
    excon (0.91.0)
    execjs (2.8.1)
    faraday (1.9.3)
      faraday-em_http (~> 1.0)
      faraday-em_synchrony (~> 1.0)
      faraday-excon (~> 1.1)
      faraday-httpclient (~> 1.0)
      faraday-multipart (~> 1.0)
      faraday-net_http (~> 1.0)
      faraday-net_http_persistent (~> 1.0)
      faraday-patron (~> 1.0)
      faraday-rack (~> 1.0)
      faraday-retry (~> 1.0)
      ruby2_keywords (>= 0.0.4)
    faraday-em_http (1.0.0)
    faraday-em_synchrony (1.0.0)
    faraday-excon (1.1.0)
    faraday-httpclient (1.0.1)
    faraday-multipart (1.0.3)
      multipart-post (>= 1.2, < 3)
    faraday-net_http (1.0.1)
    faraday-net_http_persistent (1.2.0)
    faraday-patron (1.0.0)
    faraday-rack (1.0.0)
    faraday-retry (1.0.3)
    ffi (1.15.5)
    figaro (1.2.0)
      thor (>= 0.14.0, < 2)
    fission (0.5.0)
      CFPropertyList (~> 2.2)
    fog (1.37.0)
      fog-aliyun (>= 0.1.0)
      fog-atmos
      fog-aws (>= 0.6.0)
      fog-brightbox (~> 0.4)
      fog-core (~> 1.32)
      fog-dynect (~> 0.0.2)
      fog-ecloud (~> 0.1)
      fog-google (<= 0.1.0)
      fog-json
      fog-local
      fog-powerdns (>= 0.1.1)
      fog-profitbricks
      fog-radosgw (>= 0.0.2)
      fog-riakcs
      fog-sakuracloud (>= 0.0.4)
      fog-serverlove
      fog-softlayer
      fog-storm_on_demand
      fog-terremark
      fog-vmfusion
      fog-voxel
      fog-vsphere (>= 0.4.0)
      fog-xenserver
      fog-xml (~> 0.1.1)
      ipaddress (~> 0.5)
    fog-aliyun (0.3.19)
      aliyun-sdk (~> 0.8.0)
      fog-core
      fog-json
      ipaddress (~> 0.8)
      xml-simple (~> 1.1)
    fog-atmos (0.1.0)
      fog-core
      fog-xml
    fog-aws (2.0.1)
      fog-core (~> 1.38)
      fog-json (~> 1.0)
      fog-xml (~> 0.1)
      ipaddress (~> 0.8)
    fog-brightbox (0.16.1)
      dry-inflector
      fog-core
      fog-json
      mime-types
    fog-core (1.45.0)
      builder
      excon (~> 0.58)
      formatador (~> 0.2)
    fog-dynect (0.0.3)
      fog-core
      fog-json
      fog-xml
    fog-ecloud (0.3.0)
      fog-core
      fog-xml
    fog-google (0.1.0)
      fog-core
      fog-json
      fog-xml
    fog-json (1.2.0)
      fog-core
      multi_json (~> 1.10)
    fog-local (0.8.0)
      fog-core (>= 1.27, < 3.0)
    fog-powerdns (0.2.0)
      fog-core
      fog-json
      fog-xml
    fog-profitbricks (4.1.1)
      fog-core (~> 1.42)
      fog-json (~> 1.0)
    fog-radosgw (0.0.5)
      fog-core (>= 1.21.0)
      fog-json
      fog-xml (>= 0.0.1)
    fog-riakcs (0.1.0)
      fog-core
      fog-json
      fog-xml
    fog-sakuracloud (1.7.5)
      fog-core
      fog-json
    fog-serverlove (0.1.2)
      fog-core
      fog-json
    fog-softlayer (1.1.4)
      fog-core
      fog-json
    fog-storm_on_demand (0.1.1)
      fog-core
      fog-json
    fog-terremark (0.1.0)
      fog-core
      fog-xml
    fog-vmfusion (0.1.0)
      fission
      fog-core
    fog-voxel (0.1.0)
      fog-core
      fog-xml
    fog-vsphere (3.5.0)
      fog-core
      rbvmomi (>= 1.9, < 3)
    fog-xenserver (1.0.0)
      fog-core
      fog-xml
      xmlrpc
    fog-xml (0.1.4)
      fog-core
      nokogiri (>= 1.5.11, < 2.0.0)
    formatador (0.3.0)
    gemoji (3.0.1)
    globalid (1.0.0)
      activesupport (>= 5.0)
    hashie (5.0.0)
    http-accept (1.7.0)
    http-cookie (1.0.4)
      domain_name (~> 0.5)
    i18n (1.9.1)
      concurrent-ruby (~> 1.0)
    image_processing (1.12.1)
      mini_magick (>= 4.9.5, < 5)
      ruby-vips (>= 2.0.17, < 3)
    inline_svg (1.8.0)
      activesupport (>= 3.0)
      nokogiri (>= 1.6)
    ipaddress (0.8.3)
    jbuilder (2.11.5)
      actionview (>= 5.0.0)
      activesupport (>= 5.0.0)
    jmespath (1.5.0)
    jquery-rails (4.4.0)
      rails-dom-testing (>= 1, < 3)
      railties (>= 4.2.0)
      thor (>= 0.14, < 2.0)
    json (2.6.1)
    jwt (2.3.0)
    listen (3.7.1)
      rb-fsevent (~> 0.10, >= 0.10.3)
      rb-inotify (~> 0.9, >= 0.9.10)
    loofah (2.14.0)
      crass (~> 1.0.2)
      nokogiri (>= 1.5.9)
    mail (2.7.1)
      mini_mime (>= 0.1.1)
    marcel (1.0.2)
    matrix (0.4.2)
    method_source (1.0.0)
    mime-types (3.4.1)
      mime-types-data (~> 3.2015)
    mime-types-data (3.2022.0105)
    mini_magick (4.11.0)
    mini_mime (1.1.2)
    minitest (5.15.0)
    msgpack (1.4.4)
    multi_json (1.15.0)
    multi_xml (0.6.0)
    multipart-post (2.1.1)
    netrc (0.11.0)
    nio4r (2.5.8)
    nokogiri (1.13.1-x86_64-linux)
      racc (~> 1.4)
    oauth2 (1.4.7)
      faraday (>= 0.8, < 2.0)
      jwt (>= 1.0, < 3.0)
      multi_json (~> 1.3)
      multi_xml (~> 0.5)
      rack (>= 1.2, < 3)
    omniauth (2.0.4)
      hashie (>= 3.4.6)
      rack (>= 1.6.2, < 3)
      rack-protection
    omniauth-facebook (9.0.0)
      omniauth-oauth2 (~> 1.2)
    omniauth-github (2.0.0)
      omniauth (~> 2.0)
      omniauth-oauth2 (~> 1.7.1)
    omniauth-google-oauth2 (1.0.0)
      jwt (>= 2.0)
      oauth2 (~> 1.1)
      omniauth (~> 2.0)
      omniauth-oauth2 (~> 1.7.1)
    omniauth-oauth2 (1.7.2)
      oauth2 (~> 1.4)
      omniauth (>= 1.9, < 3)
    omniauth-rails_csrf_protection (1.0.1)
      actionpack (>= 4.2)
      omniauth (~> 2.0)
    optimist (3.0.1)
    orm_adapter (0.5.0)
    pg (1.3.1)
    public_suffix (4.0.6)
    puma (5.6.2)
      nio4r (~> 2.0)
    racc (1.6.0)
    rack (2.2.3)
    rack-mini-profiler (2.3.3)
      rack (>= 1.2.0)
    rack-protection (2.1.0)
      rack
    rack-proxy (0.7.2)
      rack
    rack-test (1.1.0)
      rack (>= 1.0, < 3)
    rails (6.1.4.6)
      actioncable (= 6.1.4.6)
      actionmailbox (= 6.1.4.6)
      actionmailer (= 6.1.4.6)
      actionpack (= 6.1.4.6)
      actiontext (= 6.1.4.6)
      actionview (= 6.1.4.6)
      activejob (= 6.1.4.6)
      activemodel (= 6.1.4.6)
      activerecord (= 6.1.4.6)
      activestorage (= 6.1.4.6)
      activesupport (= 6.1.4.6)
      bundler (>= 1.15.0)
      railties (= 6.1.4.6)
      sprockets-rails (>= 2.0.0)
    rails-dom-testing (2.0.3)
      activesupport (>= 4.2.0)
      nokogiri (>= 1.6)
    rails-html-sanitizer (1.4.2)
      loofah (~> 2.3)
    rails_emoji_picker (0.1.5)
      emoji
    railties (6.1.4.6)
      actionpack (= 6.1.4.6)
      activesupport (= 6.1.4.6)
      method_source
      rake (>= 0.13)
      thor (~> 1.0)
    rake (13.0.6)
    rb-fsevent (0.11.1)
    rb-inotify (0.10.1)
      ffi (~> 1.0)
    rb-readline (0.5.5)
    rbvmomi (2.4.1)
      builder (~> 3.0)
      json (>= 1.8)
      nokogiri (~> 1.5)
      optimist (~> 3.0)
    redis (4.6.0)
    regexp_parser (2.2.1)
    responders (3.0.1)
      actionpack (>= 5.0)
      railties (>= 5.0)
    rest-client (2.1.0)
      http-accept (>= 1.7.0, < 2.0)
      http-cookie (>= 1.0.2, < 2.0)
      mime-types (>= 1.16, < 4.0)
      netrc (~> 0.8)
    rexml (3.2.5)
    ruby-vips (2.1.4)
      ffi (~> 1.12)
    ruby2_keywords (0.0.5)
    rubyzip (2.3.2)
    sass-rails (6.0.0)
      sassc-rails (~> 2.1, >= 2.1.1)
    sassc (2.4.0)
      ffi (~> 1.9)
    sassc-rails (2.1.2)
      railties (>= 4.0.0)
      sassc (>= 2.0)
      sprockets (> 3.0)
      sprockets-rails
      tilt
    selenium-webdriver (4.1.0)
      childprocess (>= 0.5, < 5.0)
      rexml (~> 3.2, >= 3.2.5)
      rubyzip (>= 1.2.2)
    semantic_range (3.0.0)
    spring (4.0.0)
    sprockets (4.0.2)
      concurrent-ruby (~> 1.0)
      rack (> 1, < 3)
    sprockets-rails (3.4.2)
      actionpack (>= 5.2)
      activesupport (>= 5.2)
      sprockets (>= 3.0.0)
    thor (1.2.1)
    tilt (2.0.10)
    turbolinks (5.2.1)
      turbolinks-source (~> 5.2)
    turbolinks-source (5.2.0)
    tzinfo (2.0.4)
      concurrent-ruby (~> 1.0)
    unf (0.1.4)
      unf_ext
    unf_ext (0.0.8)
    warden (1.2.9)
      rack (>= 2.0.9)
    web-console (4.2.0)
      actionview (>= 6.0.0)
      activemodel (>= 6.0.0)
      bindex (>= 0.4.0)
      railties (>= 6.0.0)
    webdrivers (5.0.0)
      nokogiri (~> 1.6)
      rubyzip (>= 1.3.0)
      selenium-webdriver (~> 4.0)
    webpacker (5.4.3)
      activesupport (>= 5.2)
      rack-proxy (>= 0.6.1)
      railties (>= 5.2)
      semantic_range (>= 2.3.0)
    webrick (1.7.0)
    websocket-driver (0.7.5)
      websocket-extensions (>= 0.1.0)
    websocket-extensions (0.1.5)
    will_paginate (3.3.1)
    xml-simple (1.1.9)
      rexml
    xmlrpc (0.3.2)
      webrick
    xpath (3.2.0)
      nokogiri (~> 1.8)
    zeitwerk (2.5.4)

PLATFORMS
  x86_64-linux

DEPENDENCIES
  activerecord-session_store
  aws-sdk (~> 3)
  bootsnap (>= 1.4.4)
  bootstrap-sass (~> 3.4.1)
  byebug
  capybara (>= 3.26)
  commontator
  devise
  figaro
  fog (~> 1.37.0)
  gemoji
  image_processing (~> 1.2)
  inline_svg
  jbuilder (~> 2.7)
  jquery-rails
  listen (~> 3.3)
  mini_magick
  omniauth
  omniauth-facebook
  omniauth-github
  omniauth-google-oauth2
  omniauth-rails_csrf_protection
  pg (~> 1.1)
  puma (~> 5.0)
  rack-mini-profiler (~> 2.0)
  rails (~> 6.1.4, >= 6.1.4.1)
  rails_emoji_picker
  rb-readline
  redis
  sass-rails (>= 6)
  sassc-rails
  selenium-webdriver
  spring
  turbolinks (~> 5)
  tzinfo-data
  web-console (>= 4.1.0)
  webdrivers
  webpacker (~> 5.0)

RUBY VERSION
   ruby 3.0.2p107

BUNDLED WITH
   2.2.29
